GEM
  remote: http://rubygems.org/
  specs:
    rack (1.4.1)
    rack-rewrite (1.3.2)

PLATFORMS
  ruby

DEPENDENCIES
  rack
  rack-rewrite
